GEM
  remote: https://rubygems.org/
  specs:
    addressable (2.2.8)
    backports (3.3.4)
    blankslate (2.1.2.4)
    guillotine (1.4.0)
      addressable (~> 2.2.6)
      sinatra (~> 1.2.6)
    mysql2 (0.3.13)
    parslet (1.5.0)
      blankslate (~> 2.0)
    rack (1.4.5)
    sequel (4.3.0)
    sinatra (1.2.9)
      backports
      rack (~> 1.1, < 1.5)
      tilt (>= 1.2.2, < 2.0)
    tilt (1.4.1)
    toml (0.0.4)
      parslet

PLATFORMS
  ruby

DEPENDENCIES
  guillotine
  mysql2
  sequel
  toml
